GEM
  remote: https://rubygems.org/
  specs:
    ffi (1.9.6)

PLATFORMS
  ruby

DEPENDENCIES
  ffi
